GIT
  remote: git://github.com/hornairs/ultraviolet.git
  revision: 58c01abcd0e7c39cec3cfb604b9addc46b0db9bb
  specs:
    ultraviolet (0.10.5)
      spox-textpow

GIT
  remote: git://github.com/spox/plist.git
  revision: deb5f9e1ef1cd4ef7de7b2a2c8a1846ca5a29f4f
  specs:
    plist (3.0.1)

GIT
  remote: git://github.com/spox/textpow.git
  revision: 652df324c12e2419a10330a0457ec3a5d3b6bb6e
  specs:
    textpow (0.10.3)
      spox-plist

GIT
  remote: git@github.com:hornairs/evergreen.git
  revision: 021fedea5841d3997fe5a8bb9710520ef9045027
  submodules: true
  specs:
    evergreen (0.4.0)
      capybara (~> 0.4.0)
      json_pure (>= 1.0.0)
      launchy (>= 0.3.5)
      sinatra (>= 1.1)

GEM
  remote: http://rubygems.org/
  specs:
    builder (3.0.0)
    capybara (0.4.1.2)
      celerity (>= 0.7.9)
      culerity (>= 0.2.4)
      mime-types (>= 1.16)
      nokogiri (>= 1.3.3)
      rack (>= 1.0.0)
      rack-test (>= 0.5.4)
      selenium-webdriver (>= 0.0.27)
      xpath (~> 0.1.3)
    celerity (0.8.9)
    childprocess (0.1.9)
      ffi (~> 1.0.6)
    coffee-script (2.2.0)
      coffee-script-source
      execjs
    coffee-script-source (1.1.1)
    compass (0.10.6)
      haml (>= 3.0.4)
    culerity (0.2.15)
    daemons (1.1.4)
    eventmachine (0.12.10)
    execjs (1.2.0)
      multi_json (~> 1.0)
    ffi (1.0.9)
    growl (1.0.3)
    guard (0.5.1)
      thor (~> 0.14.6)
    guard-coffeescript (0.3.0)
      coffee-script (>= 2.2.0)
      guard (>= 0.4)
    guard-compass (0.0.6)
      compass (>= 0.10.5)
      guard (>= 0.2.1)
    haml (3.0.25)
    json_pure (1.5.3)
    kgio (2.6.0)
    launchy (2.0.3)
    mime-types (1.16)
    multi_json (1.0.3)
    newrelic_rpm (3.1.0)
    nokogiri (1.5.0)
    rack (1.3.1)
    rack-codehighlighter (0.4.7)
      nokogiri (>= 1.4.1)
      rack (>= 1.0.0)
    rack-nocache (0.1.0)
    rack-rewrite (1.0.2)
    rack-test (0.6.0)
      rack (>= 1.0)
    raindrops (0.7.0)
    rdiscount (1.6.8)
    rubyzip (0.9.4)
    selenium-webdriver (2.1.0)
      childprocess (>= 0.1.9)
      ffi (>= 1.0.7)
      json_pure
      rubyzip
    sinatra (1.2.6)
      rack (~> 1.1)
      tilt (>= 1.2.2, < 2.0)
    spox-plist (3.0.1)
    spox-textpow (0.10.3)
      spox-plist
    thin (1.3.1)
      daemons (>= 1.0.9)
      eventmachine (>= 0.12.6)
      rack (>= 1.0.0)
    thor (0.14.6)
    tilt (1.3.2)
    toto (0.4.9)
      builder
      rack
      rdiscount
    unicorn (4.0.1)
      kgio (~> 2.4)
      rack
      raindrops (~> 0.6)
    xpath (0.1.4)
      nokogiri (~> 1.3)

PLATFORMS
  ruby

DEPENDENCIES
  compass (= 0.10.6)
  evergreen!
  growl
  guard
  guard-coffeescript
  guard-compass
  haml (= 3.0.25)
  newrelic_rpm
  plist!
  rack-codehighlighter
  rack-nocache
  rack-rewrite
  textpow!
  thin
  tilt
  toto (= 0.4.9)
  ultraviolet!
  unicorn
