GIT
  remote: git://github.com/hornairs/ultraviolet.git
  revision: 58c01abcd0e7c39cec3cfb604b9addc46b0db9bb
  specs:
    ultraviolet (0.10.5)
      spox-textpow

GIT
  remote: git://github.com/spox/plist.git
  revision: deb5f9e1ef1cd4ef7de7b2a2c8a1846ca5a29f4f
  specs:
    plist (3.0.1)

GIT
  remote: git://github.com/spox/textpow.git
  revision: 652df324c12e2419a10330a0457ec3a5d3b6bb6e
  specs:
    textpow (0.10.3)
      spox-plist

GEM
  remote: http://rubygems.org/
  specs:
    archive-tar-minitar (0.5.2)
    builder (3.0.0)
    coffee-script (2.2.0)
      coffee-script-source
      execjs
    coffee-script-source (1.0.1)
    columnize (0.3.2)
    compass (0.10.6)
      haml (>= 3.0.4)
    configuration (1.2.0)
    execjs (0.1.0)
    growl (1.0.3)
    guard (0.3.0)
      open_gem (~> 1.4.2)
      thor (~> 0.14.6)
    guard-coffeescript (0.1.8)
      coffee-script (~> 2.2.0)
      guard (~> 0.3.0)
    guard-compass (0.0.6)
      compass (>= 0.10.5)
      guard (>= 0.2.1)
    haml (3.0.25)
    kgio (2.3.3)
    launchy (0.3.7)
      configuration (>= 0.0.5)
      rake (>= 0.8.1)
    linecache19 (0.5.11)
      ruby_core_source (>= 0.1.4)
    newrelic_rpm (2.13.4)
    nokogiri (1.4.4)
    open_gem (1.4.2)
      launchy (~> 0.3.5)
    rack (1.2.2)
    rack-codehighlighter (0.4.7)
      nokogiri (>= 1.4.1)
      rack (>= 1.0.0)
    rack-nocache (0.1.0)
    rack-rewrite (1.0.2)
    rake (0.8.7)
    rdiscount (1.6.8)
    ruby-debug-base19 (0.11.24)
      columnize (>= 0.3.1)
      linecache19 (>= 0.5.11)
      ruby_core_source (>= 0.1.4)
    ruby-debug19 (0.11.6)
      columnize (>= 0.3.1)
      linecache19 (>= 0.5.11)
      ruby-debug-base19 (>= 0.11.19)
    ruby_core_source (0.1.4)
      archive-tar-minitar (>= 0.5.2)
    spox-plist (3.0.1)
    spox-textpow (0.10.3)
      spox-plist
    thor (0.14.6)
    tilt (1.2.2)
    toto (0.4.9)
      builder
      rack
      rdiscount
    unicorn (3.5.0)
      kgio (~> 2.3)
      rack

PLATFORMS
  ruby

DEPENDENCIES
  compass (= 0.10.6)
  growl
  guard
  guard-coffeescript
  guard-compass
  haml (= 3.0.25)
  newrelic_rpm
  plist!
  rack-codehighlighter
  rack-nocache
  rack-rewrite
  ruby-debug19
  textpow!
  tilt
  toto (= 0.4.9)
  ultraviolet!
  unicorn
