GIT
  remote: git://github.com/spox/plist.git
  revision: deb5f9e1ef1cd4ef7de7b2a2c8a1846ca5a29f4f
  specs:
    plist (3.0.1)

GIT
  remote: git://github.com/spox/textpow.git
  revision: 652df324c12e2419a10330a0457ec3a5d3b6bb6e
  specs:
    textpow (0.10.3)
      spox-plist

GEM
  remote: http://rubygems.org/
  specs:
    builder (3.0.0)
    coffee-script (2.2.0)
      coffee-script-source
      execjs
    coffee-script-source (1.1.1)
    compass (0.10.6)
      haml (>= 3.0.4)
    daemons (1.1.4)
    eventmachine (0.12.10)
    execjs (1.2.0)
      multi_json (~> 1.0)
    growl (1.0.3)
    guard (0.5.1)
      thor (~> 0.14.6)
    guard-coffeescript (0.3.0)
      coffee-script (>= 2.2.0)
      guard (>= 0.4)
    guard-compass (0.0.6)
      compass (>= 0.10.5)
      guard (>= 0.2.1)
    haml (3.0.25)
    hike (1.2.1)
    multi_json (1.0.3)
    newrelic_rpm (3.1.0)
    nokogiri (1.5.0)
    rack (1.3.1)
    rack-codehighlighter (0.4.7)
      nokogiri (>= 1.4.1)
      rack (>= 1.0.0)
    rack-nocache (0.1.0)
    rack-rewrite (1.0.2)
    rdiscount (1.6.8)
    spox-plist (3.0.1)
    sprockets (2.4.3)
      hike (~> 1.2)
      multi_json (~> 1.0)
      rack (~> 1.0)
      tilt (~> 1.1, != 1.3.0)
    textpow1x (1.2.4)
      plist (>= 3.0.1)
    thin (1.3.1)
      daemons (>= 1.0.9)
      eventmachine (>= 0.12.6)
      rack (>= 1.0.0)
    thor (0.14.6)
    tilt (1.3.2)
    toto (0.4.9)
      builder
      rack
      rdiscount
    ultraviolet1x (0.14.0)
      textpow1x (>= 0.11.0)

PLATFORMS
  ruby

DEPENDENCIES
  compass (= 0.10.6)
  growl
  guard
  guard-coffeescript
  guard-compass
  haml (= 3.0.25)
  newrelic_rpm
  plist!
  rack-codehighlighter
  rack-nocache
  rack-rewrite
  sprockets
  textpow!
  thin
  tilt
  toto (= 0.4.9)
  ultraviolet1x
