GEM
  remote: http://rubygems.org/
  specs:
    archive-tar-minitar (0.5.2)
    builder (3.0.0)
    columnize (0.3.2)
    compass (0.10.6)
      haml (>= 3.0.4)
    configuration (1.2.0)
    guard (0.2.2)
      open_gem (~> 1.4.2)
      thor (~> 0.14.3)
    guard-coffeescript (0.1.5)
      guard (~> 0.2.2)
    guard-compass (0.0.6)
      compass (>= 0.10.5)
      guard (>= 0.2.1)
    haml (3.0.25)
    kgio (2.0.0)
    launchy (0.3.7)
      configuration (>= 0.0.5)
      rake (>= 0.8.1)
    linecache19 (0.5.11)
      ruby_core_source (>= 0.1.4)
    newrelic_rpm (2.13.4)
    open_gem (1.4.2)
      launchy (~> 0.3.5)
    rack (1.2.1)
    rack-rewrite (1.0.2)
    rake (0.8.7)
    rdiscount (1.6.5)
    ruby-debug-base19 (0.11.24)
      columnize (>= 0.3.1)
      linecache19 (>= 0.5.11)
      ruby_core_source (>= 0.1.4)
    ruby-debug19 (0.11.6)
      columnize (>= 0.3.1)
      linecache19 (>= 0.5.11)
      ruby-debug-base19 (>= 0.11.19)
    ruby_core_source (0.1.4)
      archive-tar-minitar (>= 0.5.2)
    thor (0.14.6)
    tilt (1.1)
    toto (0.4.6)
      builder
      rack
      rdiscount
    unicorn (3.1.0)
      kgio (~> 2.0.0)
      rack

PLATFORMS
  ruby

DEPENDENCIES
  compass (= 0.10.6)
  guard
  guard-coffeescript
  guard-compass
  haml (= 3.0.25)
  newrelic_rpm
  rack-rewrite
  ruby-debug19
  tilt
  toto (= 0.4.6)
  unicorn
